GEM
  remote: https://rubygems.org/
  specs:
    CFPropertyList (3.0.0)
    atomos (0.1.3)
    claide (1.0.2)
    colored2 (3.1.2)
    nanaimo (0.2.6)
    thor (0.20.0)
    xcodeproj (1.6.0)
      CFPropertyList (>= 2.3.3, < 4.0)
      atomos (~> 0.1.3)
      claide (>= 1.0.2, < 2.0)
      colored2 (~> 3.1)
      nanaimo (~> 0.2.6)

PLATFORMS
  ruby

DEPENDENCIES
  thor (~> 0.20.0)
  xcodeproj (~> 1.6.0)

BUNDLED WITH
   1.16.4
